GEM
  remote: https://rubygems.org/
  specs:
    coderay (1.1.3)
    diff-lcs (1.4.4)
    gosu (1.2.0)
    method_source (1.0.0)
    minigl (2.3.6)
      gosu (>= 0.11, < 2.0)
    pry (0.14.1)
      coderay (~> 1.1)
      method_source (~> 1.0)
    rake (12.3.3)
    rspec (3.10.0)
      rspec-core (~> 3.10.0)
      rspec-expectations (~> 3.10.0)
      rspec-mocks (~> 3.10.0)
    rspec-core (3.10.1)
      rspec-support (~> 3.10.0)
    rspec-expectations (3.10.1)
      diff-lcs (>= 1.2.0, < 2.0)
      rspec-support (~> 3.10.0)
    rspec-mocks (3.10.2)
      diff-lcs (>= 1.2.0, < 2.0)
      rspec-support (~> 3.10.0)
    rspec-support (3.10.3)
    ruby2d (0.11.1)

PLATFORMS
  ruby

DEPENDENCIES
  gosu (= 1.2.0)
  minigl
  pry
  rake (~> 12.0)
  rspec (~> 3.0)
  ruby2d

BUNDLED WITH
   2.1.4
